PATH
  remote: .
  specs:
    spud_markdown (1.0.0)
      rails (~> 4.0.2)
      redcarpet
      spud_core (~> 1.0.0)

GEM
  remote: https://rubygems.org/
  specs:
    actionmailer (4.0.4)
      actionpack (= 4.0.4)
      mail (~> 2.5.4)
    actionpack (4.0.4)
      activesupport (= 4.0.4)
      builder (~> 3.1.0)
      erubis (~> 2.7.0)
      rack (~> 1.5.2)
      rack-test (~> 0.6.2)
    actionpack-action_caching (1.1.1)
      actionpack (>= 4.0.0, < 5.0)
    actionpack-page_caching (1.0.2)
      actionpack (>= 4.0.0, < 5)
    activemodel (4.0.4)
      activesupport (= 4.0.4)
      builder (~> 3.1.0)
    activerecord (4.0.4)
      activemodel (= 4.0.4)
      activerecord-deprecated_finders (~> 1.0.2)
      activesupport (= 4.0.4)
      arel (~> 4.0.0)
    activerecord-deprecated_finders (1.0.3)
    activesupport (4.0.4)
      i18n (~> 0.6, >= 0.6.9)
      minitest (~> 4.2)
      multi_json (~> 1.3)
      thread_safe (~> 0.1)
      tzinfo (~> 0.3.37)
    arel (4.0.2)
    authlogic (3.4.2)
      activerecord (>= 3.2)
      activesupport (>= 3.2)
      request_store (~> 1.0)
    bcrypt (3.1.7)
    bootstrap-will_paginate (0.0.10)
      will_paginate
    breadcrumbs_on_rails (2.3.0)
    builder (3.1.4)
    codemirror-rails (4.4)
      railties (>= 3.0, < 5)
    erubis (2.7.0)
    ffi (1.9.3)
    ffi-compiler (0.1.3)
      ffi (>= 1.0.0)
      rake
    hike (1.2.3)
    i18n (0.6.11)
    jquery-rails (3.1.0)
      railties (>= 3.0, < 5.0)
      thor (>= 0.14, < 2.0)
    mail (2.5.4)
      mime-types (~> 1.16)
      treetop (~> 1.4.8)
    mime-types (1.25.1)
    minitest (4.7.5)
    multi_json (1.10.1)
    polyglot (0.3.5)
    protected_attributes (1.0.8)
      activemodel (>= 4.0.1, < 5.0)
    rack (1.5.2)
    rack-test (0.6.2)
      rack (>= 1.0)
    rails (4.0.4)
      actionmailer (= 4.0.4)
      actionpack (= 4.0.4)
      activerecord (= 4.0.4)
      activesupport (= 4.0.4)
      bundler (>= 1.3.0, < 2.0)
      railties (= 4.0.4)
      sprockets-rails (~> 2.0.0)
    rails-observers (0.1.2)
      activemodel (~> 4.0)
    railties (4.0.4)
      actionpack (= 4.0.4)
      activesupport (= 4.0.4)
      rake (>= 0.8.7)
      thor (>= 0.18.1, < 2.0)
    rake (10.3.2)
    redcarpet (3.1.1)
    request_store (1.0.8)
    retina_tag (1.3.1)
      jquery-rails
      rails (>= 3.1)
    scrypt (1.2.1)
      ffi-compiler (>= 0.0.2)
      rake
    sprockets (2.12.1)
      hike (~> 1.2)
      multi_json (~> 1.0)
      rack (~> 1.0)
      tilt (~> 1.1, != 1.3.0)
    sprockets-rails (2.0.1)
      actionpack (>= 3.0)
      activesupport (>= 3.0)
      sprockets (~> 2.8)
    spud_core (1.0.0)
      actionpack-action_caching
      actionpack-page_caching
      authlogic (~> 3.4.0)
      bcrypt
      bootstrap-will_paginate
      breadcrumbs_on_rails
      codemirror-rails
      jquery-rails
      protected_attributes
      rails (~> 4.0.0)
      rails-observers
      retina_tag
      scrypt
      tinymce-rails (= 3.5.9)
      will_paginate
    sqlite3 (1.3.8)
    thor (0.19.1)
    thread_safe (0.3.4)
    tilt (1.4.1)
    tinymce-rails (3.5.9)
      railties (>= 3.1.1)
    treetop (1.4.15)
      polyglot
      polyglot (>= 0.3.1)
    tzinfo (0.3.40)
    will_paginate (3.0.7)

PLATFORMS
  ruby

DEPENDENCIES
  spud_markdown!
  sqlite3
